GEM
  remote: http://rubygems.org/
  specs:
    diff-lcs (1.2.5)
    excel_to_code (0.2.19)
      ffi (>= 1.0.11)
      nokogiri (>= 1.5.0)
      ox (>= 2.0.12)
      rspec (>= 2.7.0)
      rubypeg
    ffi (1.9.3)
    mini_portile (0.6.2)
    minitest (5.2.0)
    nokogiri (1.6.5)
      mini_portile (~> 0.6.0)
    ox (2.1.6)
    rake (10.1.0)
    rspec (3.1.0)
      rspec-core (~> 3.1.0)
      rspec-expectations (~> 3.1.0)
      rspec-mocks (~> 3.1.0)
    rspec-core (3.1.7)
      rspec-support (~> 3.1.0)
    rspec-expectations (3.1.2)
      diff-lcs (>= 1.2.0, < 2.0)
      rspec-support (~> 3.1.0)
    rspec-mocks (3.1.3)
      rspec-support (~> 3.1.0)
    rspec-support (3.1.2)
    rubypeg (0.0.4)
      rubyscriptwriter
    rubyscriptwriter (0.0.2)

PLATFORMS
  ruby

DEPENDENCIES
  excel_to_code (= 0.2.19)
  ffi
  minitest
  rake
