GEM
  remote: http://rubygems.org/
  specs:
    diff-lcs (1.1.3)
    excel_to_code (0.1.3)
      ffi (>= 1.0.11)
      nokogiri (>= 1.5.0)
      rspec (>= 2.7.0)
      rubypeg
    ffi (1.0.11)
    minitest (3.0.1)
    nokogiri (1.5.6)
    rake (0.9.2.2)
    rspec (2.12.0)
      rspec-core (~> 2.12.0)
      rspec-expectations (~> 2.12.0)
      rspec-mocks (~> 2.12.0)
    rspec-core (2.12.2)
    rspec-expectations (2.12.1)
      diff-lcs (~> 1.1.3)
    rspec-mocks (2.12.1)
    rubypeg (0.0.4)
      rubyscriptwriter
    rubyscriptwriter (0.0.2)

PLATFORMS
  ruby

DEPENDENCIES
  excel_to_code (= 0.1.3)
  ffi
  minitest
  rake
